GEM
  remote: http://rubygems.org/
  specs:
    albacore (0.3.4)
      rubyzip
    rake (10.0.3)
    rubyzip (0.9.9)

PLATFORMS
  ruby

DEPENDENCIES
  albacore
  rake
